GIT
  remote: https://github.com/liquidm/ruby-druid.git
  revision: 14632bc8e628604b02a9e3ce86a4dfdf7edebed4
  branch: master
  specs:
    ruby-druid (0.1.3)
      rest-client
      zk

GEM
  remote: https://rubygems.org/
  specs:
    active_support (3.0.0)
      activesupport (= 3.0.0)
    activesupport (3.0.0)
    i18n (0.6.9)
    little-plugger (1.1.3)
    logging (1.7.2)
      little-plugger (>= 1.1.3)
    mime-types (2.0)
    rest-client (1.6.7)
      mime-types (>= 1.16)
    zk (1.9.2)
      logging (~> 1.7.2)
      zookeeper (~> 1.4.0)
    zookeeper (1.4.7)

PLATFORMS
  ruby

DEPENDENCIES
  active_support
  i18n
  ruby-druid!
