GIT
  remote: git://github.com/ruby-druid/ruby-druid.git
  revision: 552674ba04a93c20d435c33d94b1ac0650a6afac
  specs:
    ruby-druid (0.2.0.rc3)
      activemodel
      activesupport
      iso8601
      multi_json
      rest-client
      zk

GEM
  remote: https://rubygems.org/
  specs:
    activemodel (5.2.1)
      activesupport (= 5.2.1)
    activesupport (5.2.1)
      concurrent-ruby (~> 1.0, >= 1.0.2)
      i18n (>= 0.7, < 2)
      minitest (~> 5.1)
      tzinfo (~> 1.1)
    concurrent-ruby (1.0.5)
    domain_name (0.5.24)
      unf (>= 0.0.5, < 1.0.0)
    erubis (2.7.0)
    http-cookie (1.0.2)
      domain_name (~> 0.5)
    i18n (1.1.0)
      concurrent-ruby (~> 1.0)
    iso8601 (0.8.6)
    jmx4r (0.1.4)
    liquid-ext (3.5.3)
      activesupport
      erubis
      jmx4r
      mixlib-cli
      multi_json
      terminal-table
    little-plugger (1.1.3)
    logging (1.8.2)
      little-plugger (>= 1.1.3)
      multi_json (>= 1.8.4)
    mime-types (2.5)
    minitest (5.11.3)
    mixlib-cli (1.5.0)
    multi_json (1.11.0)
    mysql2 (0.5.2)
    netrc (0.10.3)
    pg (1.1.3)
    rest-client (1.8.0)
      http-cookie (>= 1.0.2, < 2.0)
      mime-types (>= 1.16, < 3.0)
      netrc (~> 0.7)
    sequel (4.48.0)
    terminal-table (1.4.5)
    thread_safe (0.3.6)
    tzinfo (1.2.5)
      thread_safe (~> 0.1)
    unf (0.1.4)
      unf_ext
    unf_ext (0.0.7.1)
    webhdfs (0.6.0)
    zk (1.9.5)
      logging (~> 1.8.2)
      zookeeper (~> 1.4.0)
    zookeeper (1.4.10)

PLATFORMS
  ruby

DEPENDENCIES
  liquid-ext
  mysql2
  pg
  ruby-druid!
  sequel
  webhdfs

BUNDLED WITH
   1.16.1
